PATH
  remote: .
  specs:
    ruby_wifi_scanner (0.1.5)

GEM
  remote: https://rubygems.org/
  specs:
    byebug (11.0.1)
    minitest (5.11.3)
    rake (13.0.1)

PLATFORMS
  ruby

DEPENDENCIES
  bundler (~> 2.0)
  byebug
  minitest (~> 5.0)
  rake (~> 13.0)
  ruby_wifi_scanner!

BUNDLED WITH
   2.0.1
